GIT
  remote: http://github.com/IntersectAustralia/acdata-dataset-api.git
  revision: 73fec0f9266193fb3c9aae87de8cc6c9ac5c01c1
  specs:
    acdata-dataset-api (1.0.0)

GIT
  remote: http://github.com/brendan/rack.git
  revision: 8f7fcf0fdd9fd99aa529159d05c63dc2b0bfe08a
  branch: rack-1.2
  specs:
    rack (1.2.1)

GEM
  remote: http://rubygems.org/
  specs:
    Ascii85 (1.0.1)
    abstract (1.0.0)
    actionmailer (3.0.11)
      actionpack (= 3.0.11)
      mail (~> 2.2.19)
    actionpack (3.0.11)
      activemodel (= 3.0.11)
      activesupport (= 3.0.11)
      builder (~> 2.1.2)
      erubis (~> 2.6.6)
      i18n (~> 0.5.0)
      rack (~> 1.2.1)
      rack-mount (~> 0.6.14)
      rack-test (~> 0.5.7)
      tzinfo (~> 0.3.23)
    activemodel (3.0.11)
      activesupport (= 3.0.11)
      builder (~> 2.1.2)
      i18n (~> 0.5.0)
    activerecord (3.0.11)
      activemodel (= 3.0.11)
      activesupport (= 3.0.11)
      arel (~> 2.0.10)
      tzinfo (~> 0.3.23)
    activeresource (3.0.11)
      activemodel (= 3.0.11)
      activesupport (= 3.0.11)
    activesupport (3.0.11)
    acts_as_singleton (0.0.5)
      activerecord
    addressable (2.2.7)
    arel (2.0.10)
    bcrypt-ruby (2.1.4)
    builder (2.1.2)
    cancan (1.6.5)
    capistrano (2.6.0)
      highline
      net-scp (>= 1.0.0)
      net-sftp (>= 2.0.0)
      net-ssh (>= 2.0.14)
      net-ssh-gateway (>= 1.1.0)
    capistrano-ext (1.2.1)
      capistrano (>= 1.0.0)
    capybara (1.1.2)
      mime-types (>= 1.16)
      nokogiri (>= 1.3.3)
      rack (>= 1.0.0)
      rack-test (>= 0.5.4)
      selenium-webdriver (~> 2.0)
      xpath (~> 0.1.4)
    childprocess (0.3.1)
      ffi (~> 1.0.6)
    chronic (0.6.7)
    cocaine (0.1.0)
    configuration (1.3.1)
    crack (0.3.1)
    cucumber (1.1.9)
      builder (>= 2.1.2)
      diff-lcs (>= 1.1.2)
      gherkin (~> 2.9.0)
      json (>= 1.4.6)
      term-ansicolor (>= 1.0.6)
    cucumber-rails (1.1.1)
      capybara (>= 1.1.1)
      cucumber (>= 1.1.0)
      nokogiri (>= 1.5.0)
    database_cleaner (0.6.7)
    decent_exposure (1.0.1)
    devise (1.4.2)
      bcrypt-ruby (~> 2.1.2)
      orm_adapter (~> 0.0.3)
      warden (~> 1.0.3)
    devise_ldap_authenticatable (0.4.4)
      devise (> 1.0.4)
      net-ldap (>= 0.1.1)
    diff-lcs (1.1.3)
    domain_name (0.5.3)
      unf (~> 0.0.3)
    email_spec (1.2.1)
      mail (~> 2.2)
      rspec (~> 2.0)
    erubis (2.6.6)
      abstract (>= 1.0.0)
    escape_utils (0.2.3)
    exifr (1.0.5)
    factory_girl (1.3.3)
    factory_girl_rails (1.0.1)
      factory_girl (~> 1.3)
      railties (>= 3.0.0)
    faker (0.9.5)
      i18n (~> 0.4)
    fakeweb (1.3.0)
    ffi (1.0.11)
    file-temp (1.1.4)
      ffi (>= 0.5.0)
    gd2-ffij (0.0.3)
    gherkin (2.9.1)
      json (>= 1.4.6)
    highline (1.6.2)
    i18n (0.5.0)
    jquery-rails (1.0.19)
      railties (~> 3.0)
      thor (~> 0.14)
    json (1.7.3)
    launchy (0.4.0)
      configuration (>= 0.0.5)
      rake (>= 0.8.1)
    mail (2.2.19)
      activesupport (>= 2.3.6)
      i18n (>= 0.4.0)
      mime-types (~> 1.16)
      treetop (~> 1.4.8)
    mechanize (2.4)
      domain_name (~> 0.5, >= 0.5.1)
      mime-types (~> 1.17, >= 1.17.2)
      net-http-digest_auth (~> 1.1, >= 1.1.1)
      net-http-persistent (~> 2.5, >= 2.5.2)
      nokogiri (~> 1.4)
      ntlm-http (~> 0.1, >= 0.1.1)
      webrobots (~> 0.0, >= 0.0.9)
    meta_search (1.0.6)
      actionpack (~> 3.0.2)
      activerecord (~> 3.0.2)
      activesupport (~> 3.0.2)
      arel (~> 2.0.2)
    meta_where (1.0.4)
      activerecord (~> 3.0.0)
      activesupport (~> 3.0.0)
      arel (~> 2.0.7)
    mime-types (1.18)
    multi_json (1.0.4)
    nested_form (0.1.1)
    net-ftp-list (3.2.1)
    net-http-digest_auth (1.2)
    net-http-persistent (2.6)
    net-ldap (0.2.2)
    net-scp (1.0.4)
      net-ssh (>= 1.99.1)
    net-sftp (2.0.5)
      net-ssh (>= 2.0.9)
    net-ssh (2.1.4)
    net-ssh-gateway (1.1.0)
      net-ssh (>= 1.99.1)
    nokogiri (1.5.0)
    ntlm-http (0.1.1)
    orm_adapter (0.0.5)
    paperclip (2.3.15)
      activerecord (>= 2.3.0)
      activesupport (>= 2.3.2)
      cocaine (>= 0.0.2)
      mime-types
    pdf-reader (1.1.0)
      Ascii85 (~> 1.0.0)
      ruby-rc4
    pg (0.11.0)
    polyglot (0.3.3)
    prawn (0.12.0)
      pdf-reader (>= 0.9.0)
      ttfunk (~> 1.0.2)
    rack-mount (0.6.14)
      rack (>= 1.0.0)
    rack-test (0.5.7)
      rack (>= 1.0)
    rails (3.0.11)
      actionmailer (= 3.0.11)
      actionpack (= 3.0.11)
      activerecord (= 3.0.11)
      activeresource (= 3.0.11)
      activesupport (= 3.0.11)
      bundler (~> 1.0)
      railties (= 3.0.11)
    rails3-generators (0.17.4)
      railties (>= 3.0.0)
    rails3-jquery-autocomplete (0.8.0)
      rails (~> 3.0)
      yajl-ruby
    railties (3.0.11)
      actionpack (= 3.0.11)
      activesupport (= 3.0.11)
      rake (>= 0.8.7)
      rdoc (~> 3.4)
      thor (~> 0.14.4)
    rake (0.8.7)
    rchart (2.0.4)
    rdoc (3.12)
      json (~> 1.4)
    remotipart (1.0)
    rspec (2.11.0)
      rspec-core (~> 2.11.0)
      rspec-expectations (~> 2.11.0)
      rspec-mocks (~> 2.11.0)
    rspec-core (2.11.0)
    rspec-expectations (2.11.1)
      diff-lcs (~> 1.1.3)
    rspec-mocks (2.11.1)
    rspec-rails (2.11.0)
      actionpack (>= 3.0)
      activesupport (>= 3.0)
      railties (>= 3.0)
      rspec (~> 2.11.0)
    ruby-ole (1.2.11.2)
    ruby-rc4 (0.1.5)
    rubyzip (0.9.6.1)
    rvm-capistrano (1.2.2)
      capistrano (>= 2.0.0)
    selenium-webdriver (2.19.0)
      childprocess (>= 0.2.5)
      ffi (~> 1.0.9)
      multi_json (~> 1.0.4)
      rubyzip
    shoulda (2.11.3)
    spork (0.9.0.rc9)
    spreadsheet (0.6.5.9)
      ruby-ole (>= 1.0)
    term-ansicolor (1.0.7)
    thor (0.14.6)
    treetop (1.4.10)
      polyglot
      polyglot (>= 0.3.1)
    ttfunk (1.0.3)
    tzinfo (0.3.33)
    unf (0.0.5)
      unf_ext
    unf_ext (0.0.4)
    warden (1.0.4)
      rack (>= 1.0)
    webmock (1.8.0)
      addressable (>= 2.2.7)
      crack (>= 0.1.7)
    webrobots (0.0.13)
    whenever (0.7.2)
      activesupport (>= 2.3.4)
      chronic (~> 0.6.3)
    xpath (0.1.4)
      nokogiri (~> 1.3)
    yajl-ruby (0.8.2)

PLATFORMS
  ruby

DEPENDENCIES
  acdata-dataset-api!
  acts_as_singleton
  cancan
  capistrano
  capistrano-ext
  capybara
  cucumber
  cucumber-rails (= 1.1.1)
  database_cleaner
  decent_exposure
  devise
  devise_ldap_authenticatable
  email_spec
  escape_utils
  exifr
  factory_girl_rails
  faker
  fakeweb
  file-temp
  gd2-ffij
  highline
  jquery-rails
  launchy
  mechanize
  meta_search
  meta_where
  nested_form
  net-ftp-list
  net-ldap
  nokogiri
  paperclip
  pg
  prawn
  rack!
  rails (~> 3.0.10)
  rails3-generators
  rails3-jquery-autocomplete
  rake (= 0.8.7)
  rchart (~> 2.0.4)
  remotipart
  rspec-rails
  rubyzip
  rvm-capistrano
  shoulda
  spork (> 0.9.0.rc)
  spreadsheet
  webmock
  whenever
